GEM
  remote: https://rubygems.org/
  specs:
    power_assert (1.1.0)
    rake (12.0.0)
    rugged (0.26.0)
    test-unit (3.2.5)
      power_assert

PLATFORMS
  ruby

DEPENDENCIES
  rake
  rugged
  test-unit

BUNDLED WITH
   1.15.3
